GEM
  remote: https://rubygems.org/
  specs:
    byebug (11.0.1)
    coderay (1.1.2)
    httparty (0.21.0)
      mini_mime (>= 1.0.0)
      multi_xml (>= 0.5.2)
    lazy_priority_queue (0.1.1)
    method_source (0.9.2)
    mini_mime (1.1.2)
    minitest (5.13.0)
    multi_xml (0.6.0)
    pry (0.12.2)
      coderay (~> 1.1.0)
      method_source (~> 0.9.0)
    pry-byebug (3.7.0)
      byebug (~> 11.0)
      pry (~> 0.10)
    rgl (0.5.6)
      lazy_priority_queue (~> 0.1.0)
      stream (~> 0.5.2)
    stream (0.5.2)

PLATFORMS
  ruby

DEPENDENCIES
  httparty (~> 0.21.0)
  minitest (>= 5.0.0)
  pry (~> 0.12.2)
  pry-byebug
  rgl

BUNDLED WITH
   2.0.2
