GEM
  remote: https://rubygems.org/
  specs:
    httparty (0.13.7)
      json (~> 1.8)
      multi_xml (>= 0.5.2)
    json (1.8.6)
    minitest (5.13.0)
    multi_xml (0.6.0)

PLATFORMS
  ruby

DEPENDENCIES
  httparty (~> 0.13.7)
  minitest (>= 5.0.0)

BUNDLED WITH
   2.0.2
